GEM
  remote: https://rubygems.org/
  specs:
    multi_json (1.11.2)
    paypal-sdk-adaptivepayments (1.117.1)
      paypal-sdk-core (~> 0.3.0)
    paypal-sdk-core (0.3.4)
      multi_json (~> 1.0)
      xml-simple
    xml-simple (1.1.5)

PLATFORMS
  ruby

DEPENDENCIES
  paypal-sdk-adaptivepayments

BUNDLED WITH
   1.11.2
